GEM
  remote: http://rubygems.org/
  specs:
    adsf (1.1.1)
      rack (>= 1.0.0)
    builder (3.1.4)
    colored (1.2)
    cri (2.3.0)
      colored (>= 1.2)
    mime-types (1.19)
    nanoc (3.4.2)
      cri (~> 2.2)
    rack (1.4.1)
    redcarpet (2.2.2)
    systemu (2.5.2)
    yuicompressor (1.2.0)

PLATFORMS
  ruby

DEPENDENCIES
  adsf
  builder
  mime-types
  nanoc
  redcarpet
  systemu
  yuicompressor
