GEM
  remote: http://rubygems.org/
  specs:
    bcrypt-ruby (3.0.1)
    dalli (2.0.5)
    diff-lcs (1.1.3)
    innate (2012.03)
      rack (~> 1.4.1)
    kgio (2.7.4)
    loofah (1.2.1)
      nokogiri (>= 1.4.4)
    nokogiri (1.5.5)
    pg (0.13.2)
    rack (1.4.1)
    raindrops (0.10.0)
    rake (0.9.2.2)
    ramaze (2012.04.14)
      innate (>= 2012.03)
    ramaze-asset (0.2.3)
      ramaze (>= 2011.07.25)
    redcarpet (2.1.1)
    sequel (3.35.0)
    shebang (0.1)
    unicorn (4.3.1)
      kgio (~> 2.6)
      rack
      raindrops (~> 0.7)
    zen (0.4.3)
      bcrypt-ruby (~> 3.0.1)
      diff-lcs (~> 1.1.3)
      loofah (~> 1.2.1)
      rake (~> 0.9.2.2)
      ramaze (~> 2012.04.14)
      ramaze-asset (~> 0.2.3)
      sequel (~> 3.35.0)
      shebang (~> 0.1)

PLATFORMS
  ruby

DEPENDENCIES
  dalli (~> 2.0.3)
  kgio (~> 2.7.4)
  pg (~> 0.13.2)
  redcarpet (~> 2.1.1)
  unicorn (~> 4.3.0)
  zen (~> 0.4.3)
