GEM
  remote: https://rubygems.org/
  specs:
    adsf (1.1.1)
      rack (>= 1.0.0)
    builder (3.2.1)
    coderay (1.0.9)
    colored (1.2)
    cri (2.3.0)
      colored (>= 1.2)
    haml (4.0.3)
      tilt
    mime-types (1.23)
    nanoc (3.6.4)
      cri (~> 2.3)
    nokogiri (1.5.9)
    rack (1.5.2)
    rake (10.0.4)
    redcarpet (2.3.0)
    sass (3.2.9)
    systemu (2.5.2)
    tilt (1.4.1)

PLATFORMS
  ruby

DEPENDENCIES
  adsf
  builder
  coderay
  haml
  mime-types
  nanoc
  nokogiri
  rake
  redcarpet
  sass
  systemu
