GEM
  remote: https://rubygems.org/
  specs:
    adsf (1.2.0)
      rack (>= 1.0.0)
    builder (3.2.2)
    coderay (1.1.0)
    colored (1.2)
    cri (2.4.1)
      colored (>= 1.2)
    haml (4.0.5)
      tilt
    json (1.8.1)
    method_source (0.8.2)
    mime-types (2.1)
    mini_portile (0.5.2)
    nanoc (3.6.7)
      cri (~> 2.3)
    nokogiri (1.6.1)
      mini_portile (~> 0.5.0)
    pry (0.9.12.6)
      coderay (~> 1.0)
      method_source (~> 0.8)
      slop (~> 3.4)
    pry-theme (1.0.2)
      coderay (~> 1.1)
      json (~> 1.8)
    rack (1.5.2)
    rake (10.1.1)
    redcarpet (3.0.0)
    sass (3.2.14)
    slop (3.4.7)
    systemu (2.6.1)
    tilt (2.0.0)

PLATFORMS
  ruby

DEPENDENCIES
  adsf
  builder
  coderay
  haml
  mime-types
  nanoc
  nokogiri
  pry
  pry-theme
  rake
  redcarpet
  sass
  systemu
